GEM
  remote: https://rubygems.org/
  specs:
    addressable (2.4.0)
    boxr (1.2.0)
      addressable (~> 2.3)
      hashie (~> 3.3)
      httpclient (~> 2.5)
      jwt (~> 1.4)
      oj (~> 2.11)
    coderay (1.1.1)
    dotenv (2.1.1)
    hashie (3.4.4)
    httpclient (2.8.0)
    json (1.7.7)
    jwt (1.5.4)
    method_source (0.8.2)
    multi_json (1.12.1)
    oj (2.16.1)
    pry (0.10.4)
      coderay (~> 1.1.0)
      method_source (~> 0.8.1)
      slop (~> 3.4)
    rack (1.6.5)
    rack-protection (1.5.3)
      rack
    shotgun (0.9.2)
      rack (>= 1.0)
    sinatra (1.4.7)
      rack (~> 1.5)
      rack-protection (~> 1.4)
      tilt (>= 1.3, < 3)
    sinatra-cross_origin (0.3.2)
    slop (3.6.0)
    tilt (2.0.5)

PLATFORMS
  ruby

DEPENDENCIES
  boxr
  dotenv
  json
  multi_json
  pry
  shotgun
  sinatra
  sinatra-cross_origin (~> 0.3.1)

BUNDLED WITH
   1.13.7
